GEM
  remote: https://rubygems.org/
  specs:
    colorize (0.8.1)
    mini_magick (4.11.0)
    minitest (5.14.3)

PLATFORMS
  ruby

DEPENDENCIES
  colorize
  mini_magick
  minitest

BUNDLED WITH
   2.1.4
